PATH
  remote: .
  specs:
    wl-to-ghprojects (0.0.1)
      wunderlist-api

GEM
  remote: https://rubygems.org/
  specs:
    faraday (0.9.2)
      multipart-post (>= 1.2, < 3)
    multipart-post (2.0.0)
    rake (10.5.0)
    wunderlist-api (1.1.2)
      faraday (~> 0.9.1)

PLATFORMS
  ruby

DEPENDENCIES
  bundler (~> 1.14)
  rake (~> 10.0)
  wl-to-ghprojects!

BUNDLED WITH
   1.14.6
